PATH
  remote: .
  specs:
    gcra (1.3.0)

GEM
  remote: https://rubygems.org/
  specs:
    diff-lcs (1.5.0)
    redis (3.3.5)
    rspec (3.11.0)
      rspec-core (~> 3.11.0)
      rspec-expectations (~> 3.11.0)
      rspec-mocks (~> 3.11.0)
    rspec-core (3.11.0)
      rspec-support (~> 3.11.0)
    rspec-expectations (3.11.0)
      diff-lcs (>= 1.2.0, < 2.0)
      rspec-support (~> 3.11.0)
    rspec-mocks (3.11.0)
      diff-lcs (>= 1.2.0, < 2.0)
      rspec-support (~> 3.11.0)
    rspec-support (3.11.0)

PLATFORMS
  ruby

DEPENDENCIES
  gcra!
  redis (~> 3.3)
  rspec (~> 3.5)

BUNDLED WITH
   2.3.7
